PATH
  remote: ../rspec
  specs:
    rspec (3.0.0.beta2)
      rspec-core (= 3.0.0.beta2)
      rspec-expectations (= 3.0.0.beta2)
      rspec-mocks (= 3.0.0.beta2)

PATH
  remote: ../rspec-core
  specs:
    rspec-core (3.0.0.beta2)
      rspec-support (= 3.0.0.beta2)

PATH
  remote: ../rspec-expectations
  specs:
    rspec-expectations (3.0.0.beta2)
      diff-lcs (>= 1.2.0, < 2.0)
      rspec-support (= 3.0.0.beta2)

PATH
  remote: ../rspec-mocks
  specs:
    rspec-mocks (3.0.0.beta2)
      rspec-support (= 3.0.0.beta2)

PATH
  remote: ../rspec-support
  specs:
    rspec-support (3.0.0.beta2)

GEM
  specs:
    diff-lcs (1.2.5)

PLATFORMS
  ruby

DEPENDENCIES
  rspec!
  rspec-core!
  rspec-expectations!
  rspec-mocks!
  rspec-support!
